PATH
  remote: .
  specs:
    tomosia_icons8_crawl (0.1.2)
      httparty
      nokogiri
      pry
      thor
      writeexcel

GEM
  remote: https://rubygems.org/
  specs:
    coderay (1.1.3)
    diff-lcs (1.4.4)
    httparty (0.17.3)
      mime-types (~> 3.0)
      multi_xml (>= 0.5.2)
    method_source (1.0.0)
    mime-types (3.3.1)
      mime-types-data (~> 3.2015)
    mime-types-data (3.2020.0512)
    mini_portile2 (2.4.0)
    multi_xml (0.6.0)
    nokogiri (1.10.10-x64-mingw32)
      mini_portile2 (~> 2.4.0)
    rake (12.3.3)
    rspec (3.9.0)
      rspec-core (~> 3.9.0)
      rspec-expectations (~> 3.9.0)
      rspec-mocks (~> 3.9.0)
    rspec-core (3.9.2)
      rspec-support (~> 3.9.3)
    rspec-expectations (3.9.2)
      diff-lcs (>= 1.2.0, < 2.0)
      rspec-support (~> 3.9.0)
    rspec-mocks (3.9.1)
      diff-lcs (>= 1.2.0, < 2.0)
      rspec-support (~> 3.9.0)
    rspec-support (3.9.3)
    thor (1.0.1)
    writeexcel (1.0.5)

PLATFORMS
  x64-mingw32

DEPENDENCIES
  bundler
  httparty (~> 0.17.3)
  pry (~> 0.13.1)
  rake (~> 12.0)
  rspec (~> 3.0)
  tomosia_icons8_crawl!
  writeexcel (~> 1.0, >= 1.0.5)

BUNDLED WITH
   2.1.4
